GEM
  remote: https://rubygems.org/
  specs:
    dotenv (2.1.1)
    fastercsv (1.5.5)
    gitlab (4.2.0)
      httparty
      terminal-table
    httparty (0.15.6)
      multi_xml (>= 0.5.2)
    multi_xml (0.6.0)
    terminal-table (1.8.0)
      unicode-display_width (~> 1.1, >= 1.1.1)
    unicode-display_width (1.3.0)

PLATFORMS
  ruby

DEPENDENCIES
  dotenv
  fastercsv
  gitlab (~> 4.2)

BUNDLED WITH
   1.15.4
