GEM
  remote: https://rubygems.org/
  specs:
    dotenv (2.1.1)
    fastercsv (1.5.5)
    gitlab (3.7.0)
      httparty (~> 0.13.0)
      terminal-table
    httparty (0.13.7)
      json (~> 1.8)
      multi_xml (>= 0.5.2)
    json (1.8.3)
    multi_xml (0.5.5)
    terminal-table (1.7.3)
      unicode-display_width (~> 1.1.1)
    unicode-display_width (1.1.1)

PLATFORMS
  ruby

DEPENDENCIES
  dotenv
  fastercsv
  gitlab

BUNDLED WITH
   1.13.1
